GEM
  remote: https://rubygems.org/
  specs:
    RedCloth (4.3.2)
    actionmailer (4.0.9)
      actionpack (= 4.0.9)
      mail (~> 2.5.4)
    actionpack (4.0.9)
      activesupport (= 4.0.9)
      builder (~> 3.1.0)
      erubis (~> 2.7.0)
      rack (~> 1.5.2)
      rack-test (~> 0.6.2)
    activemodel (4.0.9)
      activesupport (= 4.0.9)
      builder (~> 3.1.0)
    activerecord (4.0.9)
      activemodel (= 4.0.9)
      activerecord-deprecated_finders (~> 1.0.2)
      activesupport (= 4.0.9)
      arel (~> 4.0.0)
    activerecord-deprecated_finders (1.0.4)
    activesupport (4.0.9)
      i18n (~> 0.6, >= 0.6.9)
      minitest (~> 4.2)
      multi_json (~> 1.3)
      thread_safe (~> 0.1)
      tzinfo (~> 0.3.37)
    arel (4.0.2)
    bcrypt (3.1.12)
    bcrypt-ruby (3.1.5)
      bcrypt (>= 3.1.3)
    bootstrap-sass (2.3.2.0)
      sass (~> 3.2)
    bootstrap-will_paginate (0.0.9)
      will_paginate
    builder (3.1.4)
    cancancan (1.17.0)
    capybara (2.1.0)
      mime-types (>= 1.16)
      nokogiri (>= 1.3.3)
      rack (>= 1.0.0)
      rack-test (>= 0.5.4)
      xpath (~> 2.0)
    carrierwave (0.10.0)
      activemodel (>= 3.2.0)
      activesupport (>= 3.2.0)
      json (>= 1.7)
      mime-types (>= 1.16)
    childprocess (1.0.1)
      rake (< 13.0)
    coderay (1.1.2)
    coffee-rails (4.0.1)
      coffee-script (>= 2.2.0)
      railties (>= 4.0.0, < 5.0)
    coffee-script (2.4.1)
      coffee-script-source
      execjs
    coffee-script-source (1.12.2)
    concurrent-ruby (1.1.4)
    database_cleaner (1.7.0)
    devise (3.2.2)
      bcrypt-ruby (~> 3.0)
      orm_adapter (~> 0.1)
      railties (>= 3.2.6, < 5)
      thread_safe (~> 0.1)
      warden (~> 1.2.3)
    diff-lcs (1.3)
    docile (1.3.1)
    erubis (2.7.0)
    execjs (2.7.0)
    factory_girl (4.2.0)
      activesupport (>= 3.0.0)
    factory_girl_rails (4.2.1)
      factory_girl (~> 4.2.0)
      railties (>= 3.0.0)
    faker (1.9.3)
      i18n (>= 0.7)
    faraday (0.15.4)
      multipart-post (>= 1.2, < 3)
    geocoder (1.5.1)
    gmaps4rails (2.1.2)
    haml (6.0.9)
      temple (>= 0.8.2)
      thor
      tilt
    hashie (3.6.0)
    hike (1.2.3)
    i18n (0.9.5)
      concurrent-ruby (~> 1.0)
    jbuilder (1.5.3)
      activesupport (>= 3.0.0)
      multi_json (>= 1.2.0)
    jquery-rails (3.1.5)
      railties (>= 3.0, < 5.0)
      thor (>= 0.14, < 2.0)
    json (2.2.0)
    jwt (2.1.0)
    libv8 (3.16.14.19)
    mail (2.5.5)
      mime-types (~> 1.16)
      treetop (~> 1.4.8)
    method_source (0.9.2)
    mime-types (1.25.1)
    mini_portile2 (2.4.0)
    minitest (4.7.5)
    multi_json (1.13.1)
    multi_xml (0.6.0)
    multipart-post (2.0.0)
    nokogiri (1.10.1)
      mini_portile2 (~> 2.4.0)
    oauth2 (1.4.1)
      faraday (>= 0.8, < 0.16.0)
      jwt (>= 1.0, < 3.0)
      multi_json (~> 1.3)
      multi_xml (~> 0.5)
      rack (>= 1.2, < 3)
    omniauth (1.4.2)
      hashie (>= 1.2, < 4)
      rack (>= 1.0, < 3)
    omniauth-facebook (5.0.0)
      omniauth-oauth2 (~> 1.2)
    omniauth-oauth2 (1.5.0)
      oauth2 (~> 1.1)
      omniauth (~> 1.2)
    orm_adapter (0.5.0)
    polyglot (0.3.5)
    power_assert (1.1.3)
    pry (0.12.2)
      coderay (~> 1.1.0)
      method_source (~> 0.9.0)
    pry-rails (0.3.9)
      pry (>= 0.10.4)
    rack (1.5.5)
    rack-test (0.6.3)
      rack (>= 1.0)
    rails (4.0.9)
      actionmailer (= 4.0.9)
      actionpack (= 4.0.9)
      activerecord (= 4.0.9)
      activesupport (= 4.0.9)
      bundler (>= 1.3.0, < 2.0)
      railties (= 4.0.9)
      sprockets-rails (~> 2.0)
    rails_12factor (0.0.2)
      rails_serve_static_assets
      rails_stdout_logging
    rails_serve_static_assets (0.0.5)
    rails_stdout_logging (0.0.5)
    railties (4.0.9)
      actionpack (= 4.0.9)
      activesupport (= 4.0.9)
      rake (>= 0.8.7)
      thor (>= 0.18.1, < 2.0)
    rake (10.5.0)
    rdoc (6.1.1)
    ref (2.0.0)
    rmagick (2.16.0)
    rolify (5.2.0)
    rspec-collection_matchers (1.1.3)
      rspec-expectations (>= 2.99.0.beta1)
    rspec-core (2.99.2)
    rspec-expectations (2.99.2)
      diff-lcs (>= 1.1.3, < 2.0)
    rspec-mocks (2.99.4)
    rspec-rails (2.99.0)
      actionpack (>= 3.0)
      activemodel (>= 3.0)
      activesupport (>= 3.0)
      railties (>= 3.0)
      rspec-collection_matchers
      rspec-core (~> 2.99.0)
      rspec-expectations (~> 2.99.0)
      rspec-mocks (~> 2.99.0)
    rubyzip (0.9.9)
    sass (3.2.19)
    sass-rails (4.0.5)
      railties (>= 4.0.0, < 5.0)
      sass (~> 3.2.2)
      sprockets (~> 2.8, < 3.0)
      sprockets-rails (~> 2.0)
    sdoc (1.0.0)
      rdoc (>= 5.0)
    selenium-webdriver (2.35.1)
      childprocess (>= 0.2.5)
      multi_json (~> 1.0)
      rubyzip (< 1.0.0)
      websocket (~> 1.0.4)
    shoulda-matchers (3.1.3)
      activesupport (>= 4.0.0)
    simplecov (0.16.1)
      docile (~> 1.1)
      json (>= 1.8, < 3)
      simplecov-html (~> 0.10.0)
    simplecov-html (0.10.2)
    simplecov-rcov (0.2.3)
      simplecov (>= 0.4.1)
    sprockets (2.12.5)
      hike (~> 1.2)
      multi_json (~> 1.0)
      rack (~> 1.0)
      tilt (~> 1.1, != 1.3.0)
    sprockets-rails (2.3.3)
      actionpack (>= 3.0)
      activesupport (>= 3.0)
      sprockets (>= 2.8, < 4.0)
    sqlite3 (1.3.13)
    temple (0.9.1)
    test-unit (3.3.0)
      power_assert
    therubyracer (0.12.3)
      libv8 (~> 3.16.14.15)
      ref
    thor (0.20.3)
    thread_safe (0.3.6)
    tilt (1.4.1)
    treetop (1.4.15)
      polyglot
      polyglot (>= 0.3.1)
    turbolinks (5.2.0)
      turbolinks-source (~> 5.2)
    turbolinks-source (5.2.0)
    tzinfo (0.3.55)
    uglifier (4.1.20)
      execjs (>= 0.3.0, < 3)
    underscore-rails (1.8.3)
    warden (1.2.7)
      rack (>= 1.0)
    websocket (1.0.7)
    will_paginate (3.1.6)
    xpath (2.1.0)
      nokogiri (~> 1.3)

PLATFORMS
  ruby

DEPENDENCIES
  RedCloth
  bootstrap-sass (= 2.3.2.0)
  bootstrap-will_paginate (= 0.0.9)
  cancancan (~> 1.9)
  capybara (= 2.1.0)
  carrierwave (= 0.10.0)
  coffee-rails (~> 4.0.0)
  database_cleaner
  devise (= 3.2.2)
  factory_girl_rails (= 4.2.1)
  faker
  geocoder
  gmaps4rails
  haml
  jbuilder (~> 1.2)
  jquery-rails
  omniauth-facebook
  pry-rails
  rails (= 4.0.9)
  rails_12factor (= 0.0.2)
  rake (< 11.0)
  rmagick (= 2.16.0)
  rolify
  rspec-rails (= 2.99)
  sass-rails (~> 4.0.0)
  sdoc
  selenium-webdriver (= 2.35.1)
  shoulda-matchers
  simplecov (~> 0.16.1)
  simplecov-rcov
  sqlite3 (~> 1.3.13)
  test-unit
  therubyracer
  turbolinks
  uglifier (>= 1.3.0)
  underscore-rails
  will_paginate (= 3.1.6)

BUNDLED WITH
   1.17.3
